PATH
  remote: .
  specs:
    dedup (0.1.1)

GEM
  remote: https://rubygems.org/
  specs:
    ast (2.4.1)
    benchmark-ips (2.8.2)
    bootsnap (1.4.8)
      msgpack (~> 1.0)
    byebug (11.1.3)
    minitest (5.14.2)
    msgpack (1.3.3)
    parallel (1.19.2)
    parser (2.7.1.4)
      ast (~> 2.4.1)
    rainbow (3.0.0)
    rake (12.3.3)
    rake-compiler (1.1.1)
      rake
    regexp_parser (1.7.1)
    rexml (3.2.4)
    rubocop (0.86.0)
      parallel (~> 1.10)
      parser (>= 2.7.0.1)
      rainbow (>= 2.2.2, < 4.0)
      regexp_parser (>= 1.7)
      rexml
      rubocop-ast (>= 0.0.3, < 1.0)
      ruby-progressbar (~> 1.7)
      unicode-display_width (>= 1.4.0, < 2.0)
    rubocop-ast (0.3.0)
      parser (>= 2.7.1.4)
    rubocop-shopify (1.0.4)
      rubocop (>= 0.85, < 0.87)
    ruby-progressbar (1.10.1)
    stackprof (0.2.15)
    unicode-display_width (1.7.0)

PLATFORMS
  ruby

DEPENDENCIES
  benchmark-ips
  bootsnap
  byebug
  dedup!
  minitest (~> 5.0)
  rake (~> 12.0)
  rake-compiler
  rubocop-shopify
  stackprof

BUNDLED WITH
   2.1.4
